PATH
  remote: .
  specs:
    fog-packet (0.1)
      fog-core
      fog-json

GEM
  remote: https://rubygems.org/
  specs:
    builder (3.2.3)
    coderay (1.1.2)
    excon (0.59.0)
    fog-core (1.45.0)
      builder
      excon (~> 0.58)
      formatador (~> 0.2)
    fog-json (1.0.2)
      fog-core (~> 1.0)
      multi_json (~> 1.10)
    formatador (0.2.5)
    method_source (0.9.0)
    minitest (5.10.1)
    multi_json (1.12.2)
    pry (0.11.2)
      coderay (~> 1.1.0)
      method_source (~> 0.9.0)

PLATFORMS
  ruby

DEPENDENCIES
  fog-packet!
  minitest
  pry (~> 0.10)

BUNDLED WITH
   1.15.4
